GEM
  remote: https://rubygems.org/
  specs:
    activesupport (4.2.1)
      i18n (~> 0.7)
      json (~> 1.7, >= 1.7.7)
      minitest (~> 5.1)
      thread_safe (~> 0.3, >= 0.3.4)
      tzinfo (~> 1.1)
    erubis (2.7.0)
    i18n (0.7.0)
    jmx4r (0.1.4)
    json (1.8.2)
    liquid-ext (3.5.3)
      activesupport
      erubis
      jmx4r
      mixlib-cli
      multi_json
      terminal-table
    minitest (5.6.1)
    mixlib-cli (1.5.0)
    multi_json (1.11.0)
    mysql2 (0.3.18)
    pg (0.18.2)
    sequel (4.22.0)
    terminal-table (1.4.5)
    thread_safe (0.3.5)
    tzinfo (1.2.2)
      thread_safe (~> 0.1)
    webhdfs (0.6.0)

PLATFORMS
  ruby

DEPENDENCIES
  liquid-ext
  mysql2
  pg
  sequel
  webhdfs
